GEM
  remote: https://rubygems.org/
  specs:
    rack (1.5.2)
    rack-protection (1.4.0)
      rack
    rack-ssl (1.3.3)
      rack
    rake (0.9.6)
    rdoc (4.0.0)
    sinatra (1.3.5)
      rack (~> 1.4)
      rack-protection (~> 1.3)
      tilt (~> 1.3, >= 1.3.3)
    tilt (1.3.4)
    webrick (1.3.1)

PLATFORMS
  x86-mingw32

DEPENDENCIES
  rack-ssl
  rake
  rdoc
  sinatra
  webrick
